GEM
  remote: https://rubygems.org/
  specs:
    mina (1.0.7)
      open4 (~> 1.3.4)
      rake
    mina-systemd (0.1.1)
      mina (~> 1.0.0)
    open4 (1.3.4)
    rake (13.0.6)

PLATFORMS
  x86_64-linux

DEPENDENCIES
  mina
  mina-systemd

RUBY VERSION
   ruby 3.0.4p208

BUNDLED WITH
   2.2.33
